GEM
  remote: https://rubygems.org/
  specs:
    actionmailer (4.0.9)
      actionpack (= 4.0.9)
      mail (~> 2.5.4)
    actionpack (4.0.9)
      activesupport (= 4.0.9)
      builder (~> 3.1.0)
      erubis (~> 2.7.0)
      rack (~> 1.5.2)
      rack-test (~> 0.6.2)
    activemodel (4.0.9)
      activesupport (= 4.0.9)
      builder (~> 3.1.0)
    activerecord (4.0.9)
      activemodel (= 4.0.9)
      activerecord-deprecated_finders (~> 1.0.2)
      activesupport (= 4.0.9)
      arel (~> 4.0.0)
    activerecord-deprecated_finders (1.0.4)
    activesupport (4.0.9)
      i18n (~> 0.6, >= 0.6.9)
      minitest (~> 4.2)
      multi_json (~> 1.3)
      thread_safe (~> 0.1)
      tzinfo (~> 0.3.37)
    arel (4.0.2)
    axiom-types (0.1.1)
      descendants_tracker (~> 0.0.4)
      ice_nine (~> 0.11.0)
      thread_safe (~> 0.3, >= 0.3.1)
    builder (3.1.4)
    coercible (1.0.0)
      descendants_tracker (~> 0.0.1)
    coffee-rails (4.0.1)
      coffee-script (>= 2.2.0)
      railties (>= 4.0.0, < 5.0)
    coffee-script (2.4.1)
      coffee-script-source
      execjs
    coffee-script-source (1.9.1.1)
    descendants_tracker (0.0.4)
      thread_safe (~> 0.3, >= 0.3.1)
    diff-lcs (1.2.5)
    equalizer (0.0.11)
    erubis (2.7.0)
    execjs (2.5.2)
    grape (0.6.1)
      activesupport
      builder
      hashie (>= 1.2.0)
      multi_json (>= 1.3.2)
      multi_xml (>= 0.5.2)
      rack (>= 1.3.0)
      rack-accept
      rack-mount
      virtus (>= 1.0.0)
    hashie (3.3.1)
    hike (1.2.3)
    i18n (0.7.0)
    ice_nine (0.11.1)
    jbuilder (1.5.3)
      activesupport (>= 3.0.0)
      multi_json (>= 1.2.0)
    jquery-rails (3.1.2)
      railties (>= 3.0, < 5.0)
      thor (>= 0.14, < 2.0)
    json (1.8.3)
    mail (2.5.4)
      mime-types (~> 1.16)
      treetop (~> 1.4.8)
    mime-types (1.25.1)
    minitest (4.7.5)
    multi_json (1.11.0)
    multi_xml (0.5.5)
    polyglot (0.3.5)
    protected_attributes (1.0.8)
      activemodel (>= 4.0.1, < 5.0)
    rack (1.5.3)
    rack-accept (0.4.5)
      rack (>= 0.4)
    rack-mount (0.8.3)
      rack (>= 1.0.0)
    rack-test (0.6.3)
      rack (>= 1.0)
    rails (4.0.9)
      actionmailer (= 4.0.9)
      actionpack (= 4.0.9)
      activerecord (= 4.0.9)
      activesupport (= 4.0.9)
      bundler (>= 1.3.0, < 2.0)
      railties (= 4.0.9)
      sprockets-rails (~> 2.0)
    railties (4.0.9)
      actionpack (= 4.0.9)
      activesupport (= 4.0.9)
      rake (>= 0.8.7)
      thor (>= 0.18.1, < 2.0)
    rake (10.4.2)
    rdoc (4.2.0)
      json (~> 1.4)
    rspec-core (3.2.3)
      rspec-support (~> 3.2.0)
    rspec-expectations (3.2.1)
      diff-lcs (>= 1.2.0, < 2.0)
      rspec-support (~> 3.2.0)
    rspec-mocks (3.2.1)
      diff-lcs (>= 1.2.0, < 2.0)
      rspec-support (~> 3.2.0)
    rspec-rails (3.2.1)
      actionpack (>= 3.0, < 4.3)
      activesupport (>= 3.0, < 4.3)
      railties (>= 3.0, < 4.3)
      rspec-core (~> 3.2.0)
      rspec-expectations (~> 3.2.0)
      rspec-mocks (~> 3.2.0)
      rspec-support (~> 3.2.0)
    rspec-support (3.2.2)
    sass (3.2.19)
    sass-rails (4.0.5)
      railties (>= 4.0.0, < 5.0)
      sass (~> 3.2.2)
      sprockets (~> 2.8, < 3.0)
      sprockets-rails (~> 2.0)
    sdoc (0.4.1)
      json (~> 1.7, >= 1.7.7)
      rdoc (~> 4.0)
    sprockets (2.12.3)
      hike (~> 1.2)
      multi_json (~> 1.0)
      rack (~> 1.0)
      tilt (~> 1.1, != 1.3.0)
    sprockets-rails (2.3.1)
      actionpack (>= 3.0)
      activesupport (>= 3.0)
      sprockets (>= 2.8, < 4.0)
    sqlite3 (1.3.10)
    thor (0.19.1)
    thread_safe (0.3.5)
    tilt (1.4.1)
    treetop (1.4.15)
      polyglot
      polyglot (>= 0.3.1)
    turbolinks (2.5.3)
      coffee-rails
    tzinfo (0.3.44)
    uglifier (2.7.1)
      execjs (>= 0.3.0)
      json (>= 1.8.0)
    virtus (1.0.5)
      axiom-types (~> 0.1)
      coercible (~> 1.0)
      descendants_tracker (~> 0.0, >= 0.0.3)
      equalizer (~> 0.0, >= 0.0.9)

PLATFORMS
  ruby

DEPENDENCIES
  coffee-rails (~> 4.0.0)
  grape
  jbuilder (~> 1.2)
  jquery-rails
  protected_attributes
  rails (= 4.0.9)
  rspec-rails
  sass-rails (~> 4.0.2)
  sdoc
  sqlite3
  turbolinks
  uglifier (>= 1.3.0)
